GEM
  remote: https://rubygems.org/
  specs:
    ansi (1.4.3)
    ast (1.1.0)
    builder (3.2.2)
    cane (2.5.2)
      parallel
    celluloid (0.15.2)
      timers (~> 1.1.0)
    celluloid-io (0.15.0)
      celluloid (>= 0.15.0)
      nio4r (>= 0.5.0)
    coderay (1.1.0)
    ffi (1.9.3)
    guard (1.6.2)
      listen (>= 0.6.0)
      lumberjack (>= 1.0.2)
      pry (>= 0.9.10)
      terminal-table (>= 1.4.3)
      thor (>= 0.14.6)
    guard-minitest (0.5.0)
      guard (>= 0.4)
    hashie (2.0.5)
    json (1.8.1)
    listen (2.7.1)
      celluloid (>= 0.15.2)
      celluloid-io (>= 0.15.0)
      rb-fsevent (>= 0.9.3)
      rb-inotify (>= 0.9)
    lumberjack (1.0.5)
    metaclass (0.0.4)
    method_source (0.8.2)
    mini_portile (0.5.3)
    minitest (4.6.2)
    minitest-reporters (0.14.24)
      ansi
      builder
      minitest (>= 2.12, < 5.0)
      powerbar
    mocha (0.13.3)
      metaclass (~> 0.0.1)
    multi_json (1.9.2)
    nio4r (1.0.0)
    nokogiri (1.6.1)
      mini_portile (~> 0.5.0)
    parallel (1.0.0)
    parser (2.1.7)
      ast (~> 1.1)
      slop (~> 3.4, >= 3.4.5)
    powerbar (1.0.11)
      ansi (~> 1.4.0)
      hashie (>= 1.1.0)
    powerpack (0.0.9)
    pry (0.9.12.6)
      coderay (~> 1.0)
      method_source (~> 0.8)
      slop (~> 3.4)
    rainbow (2.0.0)
    rb-fsevent (0.9.4)
    rb-inotify (0.9.3)
      ffi (>= 0.5.0)
    rubocop (0.20.0)
      json (>= 1.7.7, < 2)
      parser (~> 2.1.7)
      powerpack (~> 0.0.6)
      rainbow (>= 1.99.1, < 3.0)
      ruby-progressbar (~> 1.4)
    ruby-progressbar (1.4.2)
    simplecov (0.7.1)
      multi_json (~> 1.0)
      simplecov-html (~> 0.7.1)
    simplecov-html (0.7.1)
    slop (3.5.0)
    terminal-notifier-guard (1.5.3)
    terminal-table (1.4.5)
    thincloud-test (1.0.0)
      cane (~> 2.5.2)
      guard (~> 1.6.2)
      guard-minitest (~> 0.5.0)
      minitest (~> 4.6.2)
      minitest-reporters (~> 0.14.7)
      mocha (~> 0.13.2)
      rb-fsevent (~> 0.9.1)
      simplecov (~> 0.7.1)
      terminal-notifier-guard (~> 1.5.3)
      thor (~> 0.17.0)
    thor (0.17.0)
    timers (1.1.0)
    values (1.5.0)

PLATFORMS
  ruby

DEPENDENCIES
  nokogiri
  rubocop
  thincloud-test
  values
