GEM
  remote: https://rubygems.org/
  specs:
    byebug (5.0.0)
      columnize (= 0.9.0)
    columnize (0.9.0)

PLATFORMS
  ruby

DEPENDENCIES
  byebug

BUNDLED WITH
   1.10.5
